GEM
  remote: https://rubygems.org/
  specs:
    byebug (11.0.1)
    minitest (5.12.2)
    rake (12.3.2)

PLATFORMS
  ruby

DEPENDENCIES
  byebug
  minitest (~> 5.0)
  rake (~> 12.0)

BUNDLED WITH
   2.1.0
